GIT
  remote: git@github.com:salemove/sm-domain.git
  revision: 6d2ff0f604003a45d57eec8ea9a35a0227678039
  branch: master
  specs:
    salemove-domain (0.0.1)
      activerecord (~> 4.0)
      activesupport (~> 4.0)
      adamantium (~> 0.1.0)
      bcrypt-ruby
      carrierwave (~> 0.10.0)
      carrierwave-imageoptimizer
      chronic_duration
      classy_enum (~> 3.4.0.beta1)
      protected_attributes (~> 1.0)
      schema_plus (~> 1.5)
      useragent (~> 0.10)
      vanguard (~> 0.0.4)
      virtus (~> 1.0.0)

GEM
  remote: https://rubygems.org/
  specs:
    abstract_type (0.0.7)
    activemodel (4.1.1)
      activesupport (= 4.1.1)
      builder (~> 3.1)
    activerecord (4.1.1)
      activemodel (= 4.1.1)
      activesupport (= 4.1.1)
      arel (~> 5.0.0)
    activesupport (4.1.1)
      i18n (~> 0.6, >= 0.6.9)
      json (~> 1.7, >= 1.7.7)
      minitest (~> 5.1)
      thread_safe (~> 0.1)
      tzinfo (~> 1.1)
    adamantium (0.1.0)
      ice_nine (~> 0.9)
      thread_safe (~> 0.1.2)
    anima (0.1.1)
      abstract_type (~> 0.0.6)
      adamantium (~> 0.1.0)
      equalizer (~> 0.0.7)
    arel (5.0.1.20140414130214)
    atomic (1.1.16)
    awesome_print (1.2.0)
    axiom-types (0.1.0)
      descendants_tracker (~> 0.0.3)
      ice_nine (~> 0.11.0)
      thread_safe (~> 0.1.3)
    bcrypt (3.1.7)
    bcrypt-ruby (3.1.5)
      bcrypt (>= 3.1.3)
    builder (3.2.2)
    carrierwave (0.10.0)
      activemodel (>= 3.2.0)
      activesupport (>= 3.2.0)
      json (>= 1.7)
      mime-types (>= 1.16)
    carrierwave-imageoptimizer (1.2.1)
      carrierwave (~> 0.8)
      image_optimizer (~> 1.2)
    chronic_duration (0.10.4)
      numerizer (~> 0.1.1)
    classy_enum (3.4.0)
      activerecord (>= 3.0)
    coercible (1.0.0)
      descendants_tracker (~> 0.0.1)
    descendants_tracker (0.0.3)
    diff-lcs (1.2.5)
    equalizer (0.0.9)
    i18n (0.6.9)
    ice_nine (0.11.0)
    image_optimizer (1.2.1)
    json (1.8.1)
    mime-types (2.2)
    minitest (5.3.3)
    numerizer (0.1.1)
    pg (0.17.1)
    protected_attributes (1.0.7)
      activemodel (>= 4.0.1, < 5.0)
    rspec (2.14.1)
      rspec-core (~> 2.14.0)
      rspec-expectations (~> 2.14.0)
      rspec-mocks (~> 2.14.0)
    rspec-core (2.14.8)
    rspec-expectations (2.14.5)
      diff-lcs (>= 1.1.3, < 2.0)
    rspec-mocks (2.14.6)
    schema_plus (1.5.1)
      activerecord (>= 3.2)
      valuable
    thread_safe (0.1.3)
      atomic
    tzinfo (1.1.0)
      thread_safe (~> 0.1)
    useragent (0.10.0)
    valuable (0.9.8)
    vanguard (0.0.4)
      abstract_type (~> 0.0.6)
      adamantium (~> 0.1.0)
      anima (~> 0.1.1)
      descendants_tracker (~> 0.0.1)
      equalizer (~> 0.0.7)
    virtus (1.0.2)
      axiom-types (~> 0.1)
      coercible (~> 1.0)
      descendants_tracker (~> 0.0.3)
      equalizer (~> 0.0.9)

PLATFORMS
  ruby

DEPENDENCIES
  awesome_print
  pg
  rspec
  salemove-domain!
